NUGET
  remote: https://www.nuget.org/api/v2
    FAKE (4.50)
    FodyCecil (1.29.4)
    FSharp.Core (4.0.0.1)
